GEM
  remote: https://rubygems.org/
  specs:
    power_assert (2.0.1)
    rake (13.0.6)
    rake-compiler (1.2.0)
      rake
    test-unit (3.5.3)
      power_assert

PLATFORMS
  arm64-darwin-21
  x86_64-linux

DEPENDENCIES
  bundler
  rake
  rake-compiler
  test-unit

RUBY VERSION
   ruby 3.1.0p0

BUNDLED WITH
   2.3.6
